GIT
  remote: ../repertoire-faceting
  revision: 2bc7cad05504d064c5bd3953a4df90f9b4a00e5b
  specs:
    repertoire-faceting (0.5.3.dev)
      pg (~> 0.9.0)
      rails (~> 3.1.0)
      rep.ajax.toolkit (~> 0.3.0)
      rep.jquery (~> 1.3.2)
      repertoire-assets (~> 0.2.0)

GIT
  remote: git://github.com/rack/rack.git
  revision: 3e4833b55d253b7877c078adf59f394e09ec6e99
  specs:
    rack (1.2.1)

GIT
  remote: git://github.com/rails/arel.git
  revision: 01e7ceef453e3dc976dc0d12002bb6d4a66f1252
  specs:
    arel (2.0.1.20101020171639)

GIT
  remote: git://github.com/rails/rails.git
  revision: 6a3d6b7f1352efd3e7b931533740252b04850e27
  specs:
    actionmailer (3.1.0.beta)
      actionpack (= 3.1.0.beta)
      mail (~> 2.2.9)
    actionpack (3.1.0.beta)
      activemodel (= 3.1.0.beta)
      activesupport (= 3.1.0.beta)
      builder (~> 2.1.2)
      erubis (~> 2.6.6)
      i18n (~> 0.4.2)
      rack (~> 1.2.1)
      rack-cache (~> 0.5.3)
      rack-mount (~> 0.6.13)
      rack-test (~> 0.5.6)
      tzinfo (~> 0.3.23)
    activemodel (3.1.0.beta)
      activesupport (= 3.1.0.beta)
      builder (~> 2.1.2)
      i18n (~> 0.4.2)
    activerecord (3.1.0.beta)
      activemodel (= 3.1.0.beta)
      activesupport (= 3.1.0.beta)
      arel (~> 2.0.0)
      tzinfo (~> 0.3.23)
    activeresource (3.1.0.beta)
      activemodel (= 3.1.0.beta)
      activesupport (= 3.1.0.beta)
    activesupport (3.1.0.beta)
    rails (3.1.0.beta)
      actionmailer (= 3.1.0.beta)
      actionpack (= 3.1.0.beta)
      activerecord (= 3.1.0.beta)
      activeresource (= 3.1.0.beta)
      activesupport (= 3.1.0.beta)
      bundler (~> 1.0.3)
      railties (= 3.1.0.beta)
    railties (3.1.0.beta)
      actionpack (= 3.1.0.beta)
      activesupport (= 3.1.0.beta)
      rake (>= 0.8.7)
      thor (~> 0.14.3)

GEM
  remote: http://rubygems.org/
  specs:
    abstract (1.0.0)
    builder (2.1.2)
    erubis (2.6.6)
      abstract (>= 1.0.0)
    i18n (0.4.2)
    mail (2.2.9)
      activesupport (>= 2.3.6)
      i18n (~> 0.4.1)
      mime-types (~> 1.16)
      treetop (~> 1.4.8)
    mime-types (1.16)
    pg (0.9.0)
    polyglot (0.3.1)
    rack-cache (0.5.3)
      rack (>= 0.4)
    rack-mount (0.6.13)
      rack (>= 1.0.0)
    rack-test (0.5.6)
      rack (>= 1.0)
    rake (0.8.7)
    rep.ajax.toolkit (0.3.0)
      rep.jquery (>= 1.3.2)
      repertoire-assets (>= 0.1.0)
    rep.jquery (1.3.2)
      repertoire-assets (>= 0.1.0)
    repertoire-assets (0.2.0)
      rack (>= 1.0.1)
    thor (0.14.3)
    treetop (1.4.8)
      polyglot (>= 0.3.1)
    tzinfo (0.3.23)

PLATFORMS
  ruby

DEPENDENCIES
  arel!
  pg
  rack!
  rails!
  repertoire-faceting!
